PATH
  remote: .
  specs:
    dewey (0.0.1)
      tvdb

GEM
  remote: http://rubygems.org/
  specs:
    hpricot (0.8.4)
    rubyzip (0.9.4)
    tvdb (0.1.0)
      hpricot (>= 0.8.1)
      rubyzip (>= 0.9.1)

PLATFORMS
  ruby

DEPENDENCIES
  bundler (>= 1.0.0)
  dewey!
  tvdb
