PATH
  remote: .
  specs:
    dewey (0.0.1)
      tvdb_party

GEM
  remote: http://rubygems.org/
  specs:
    crack (0.1.8)
    httparty (0.7.4)
      crack (= 0.1.8)
    tvdb_party (0.6.0)
      httparty (>= 0.6.1)

PLATFORMS
  ruby

DEPENDENCIES
  dewey!
  tvdb_party
